PATH
  remote: .
  specs:
    mpx (0.3.0)
      ansi (~> 1.5)

GEM
  remote: https://rubygems.org/
  specs:
    ansi (1.5.0)
    builder (3.2.3)
    minitest (5.11.3)
    minitest-reporters (1.3.6)
      ansi
      builder
      minitest (>= 5.0)
      ruby-progressbar
    rake (10.5.0)
    ruby-progressbar (1.10.0)

PLATFORMS
  ruby

DEPENDENCIES
  bundler (~> 2.0)
  minitest (~> 5.0)
  minitest-reporters (~> 1.3)
  mpx!
  rake (~> 10.0)

BUNDLED WITH
   2.0.1
