PATH
  remote: .
  specs:
    mpx (0.1.0)
      slop (~> 4.6)

GEM
  remote: https://rubygems.org/
  specs:
    minitest (5.11.3)
    rake (10.5.0)
    slop (4.6.2)

PLATFORMS
  ruby

DEPENDENCIES
  bundler (~> 2.0)
  minitest (~> 5.0)
  mpx!
  rake (~> 10.0)

BUNDLED WITH
   2.0.1
